PATH
  remote: .
  specs:
    amazon-pricing (0.1.67)

GEM
  remote: https://rubygems.org/
  specs:
    coderay (1.1.0)
    diff-lcs (1.1.3)
    method_source (0.8.2)
    power_assert (0.2.3)
    pry (0.10.1)
      coderay (~> 1.1.0)
      method_source (~> 0.8.1)
      slop (~> 3.4)
    rake (10.4.2)
    rspec (2.11.0)
      rspec-core (~> 2.11.0)
      rspec-expectations (~> 2.11.0)
      rspec-mocks (~> 2.11.0)
    rspec-core (2.11.1)
    rspec-expectations (2.11.3)
      diff-lcs (~> 1.1.3)
    rspec-mocks (2.11.3)
    slop (3.6.0)
    test-unit (3.0.9)
      power_assert

PLATFORMS
  ruby

DEPENDENCIES
  amazon-pricing!
  pry
  rake
  rspec (~> 2.11.0)
  test-unit
