PATH
  remote: .
  specs:
    amazon-pricing (0.1.22)

GEM
  remote: https://rubygems.org/
  specs:
    diff-lcs (1.1.3)
    rake (10.1.0)
    rspec (2.11.0)
      rspec-core (~> 2.11.0)
      rspec-expectations (~> 2.11.0)
      rspec-mocks (~> 2.11.0)
    rspec-core (2.11.1)
    rspec-expectations (2.11.3)
      diff-lcs (~> 1.1.3)
    rspec-mocks (2.11.3)
    test-unit (2.5.5)

PLATFORMS
  ruby

DEPENDENCIES
  amazon-pricing!
  rake
  rspec (~> 2.11.0)
  test-unit
