PATH
  remote: .
  specs:
    amazon-pricing (0.1.77)

GEM
  remote: https://rubygems.org/
  specs:
    coderay (1.1.1)
    diff-lcs (1.1.3)
    ffi (1.9.10-java)
    method_source (0.8.2)
    power_assert (0.3.0)
    pry (0.10.3)
      coderay (~> 1.1.0)
      method_source (~> 0.8.1)
      slop (~> 3.4)
    pry (0.10.3-java)
      coderay (~> 1.1.0)
      method_source (~> 0.8.1)
      slop (~> 3.4)
      spoon (~> 0.0)
    rake (11.1.2)
    rspec (2.11.0)
      rspec-core (~> 2.11.0)
      rspec-expectations (~> 2.11.0)
      rspec-mocks (~> 2.11.0)
    rspec-core (2.11.1)
    rspec-expectations (2.11.3)
      diff-lcs (~> 1.1.3)
    rspec-mocks (2.11.3)
    slop (3.6.0)
    spoon (0.0.4)
      ffi
    test-unit (3.1.9)
      power_assert

PLATFORMS
  java
  ruby

DEPENDENCIES
  amazon-pricing!
  pry
  rake
  rspec (~> 2.11.0)
  test-unit

BUNDLED WITH
   1.12.5
