PATH
  remote: .
  specs:
    amazon-pricing (0.1.93)

GEM
  remote: https://rubygems.org/
  specs:
    coderay (1.1.1)
    diff-lcs (1.1.3)
    method_source (0.8.2)
    power_assert (0.4.1)
    rake (11.3.0)
    rspec (2.11.0)
      rspec-core (~> 2.11.0)
      rspec-expectations (~> 2.11.0)
      rspec-mocks (~> 2.11.0)
    rspec-core (2.11.1)
    rspec-expectations (2.11.3)
      diff-lcs (~> 1.1.3)
    rspec-mocks (2.11.3)
    slop (3.6.0)
    test-unit (3.2.3)
      power_assert

PLATFORMS
  ruby
