PATH
  remote: .
  specs:
    amazon-pricing (0.1.93)

GEM
  remote: https://rubygems.org/
  specs:
    coderay (1.1.1)
    columnize (0.9.0)
    debugger (1.6.8)
      columnize (>= 0.3.1)
      debugger-linecache (~> 1.2.0)
      debugger-ruby_core_source (~> 1.3.5)
    debugger-linecache (1.2.0)
    debugger-ruby_core_source (1.3.8)
    diff-lcs (1.1.3)
    method_source (0.8.2)
    power_assert (0.4.1)
    pry (0.10.4)
      coderay (~> 1.1.0)
      method_source (~> 0.8.1)
      slop (~> 3.4)
    pry-debugger (0.2.3)
      debugger (~> 1.3)
      pry (>= 0.9.10, < 0.11.0)
    rake (11.3.0)
    rspec (2.11.0)
      rspec-core (~> 2.11.0)
      rspec-expectations (~> 2.11.0)
      rspec-mocks (~> 2.11.0)
    rspec-core (2.11.1)
    rspec-expectations (2.11.3)
      diff-lcs (~> 1.1.3)
    rspec-mocks (2.11.3)
    slop (3.6.0)
    test-unit (3.2.3)
      power_assert

PLATFORMS
  ruby

DEPENDENCIES
  amazon-pricing!
  pry
  pry-debugger
  rake
  rspec (~> 2.11.0)
  test-unit
